PATH
  remote: .
  specs:
    rusty_json_schema (0.15.0)
      ffi (~> 1.14)
      json (>= 1.0)
      thermite (~> 0)

GEM
  remote: https://rubygems.org/
  specs:
    ast (2.4.2)
    benchmark-ips (2.10.0)
    diff-lcs (1.5.0)
    ecma-re-validator (0.4.0)
      regexp_parser (~> 2.2)
    ffi (1.15.5)
    hana (1.3.7)
    json (2.6.1)
    json_schemer (0.2.19)
      ecma-re-validator (~> 0.3)
      hana (~> 1.3)
      regexp_parser (~> 2.0)
      uri_template (~> 0.7)
    minitar (0.9)
    parallel (1.22.0)
    parser (3.1.1.0)
      ast (~> 2.4.1)
    rainbow (3.1.1)
    rake (13.0.6)
    regexp_parser (2.2.1)
    rexml (3.2.5)
    rspec (3.11.0)
      rspec-core (~> 3.11.0)
      rspec-expectations (~> 3.11.0)
      rspec-mocks (~> 3.11.0)
    rspec-core (3.11.0)
      rspec-support (~> 3.11.0)
    rspec-expectations (3.11.0)
      diff-lcs (>= 1.2.0, < 2.0)
      rspec-support (~> 3.11.0)
    rspec-mocks (3.11.0)
      diff-lcs (>= 1.2.0, < 2.0)
      rspec-support (~> 3.11.0)
    rspec-support (3.11.0)
    rubocop (1.26.1)
      parallel (~> 1.10)
      parser (>= 3.1.0.0)
      rainbow (>= 2.2.2, < 4.0)
      regexp_parser (>= 1.8, < 3.0)
      rexml
      rubocop-ast (>= 1.16.0, < 2.0)
      ruby-progressbar (~> 1.7)
      unicode-display_width (>= 1.4.0, < 3.0)
    rubocop-ast (1.16.0)
      parser (>= 3.1.1.0)
    rubocop-performance (1.13.3)
      rubocop (>= 1.7.0, < 2.0)
      rubocop-ast (>= 0.4.0)
    rubocop-rspec (2.9.0)
      rubocop (~> 1.19)
    ruby-progressbar (1.11.0)
    thermite (0.13.0)
      minitar (~> 0.5)
      rake (>= 10)
      tomlrb (~> 1.2)
    tomlrb (1.3.0)
    unicode-display_width (2.1.0)
    uri_template (0.7.0)

PLATFORMS
  ruby
  x86_64-linux

DEPENDENCIES
  benchmark-ips
  json_schemer
  rake (~> 13.0)
  rspec (~> 3.0)
  rubocop (~> 1.6)
  rubocop-performance (~> 1.9)
  rubocop-rspec (~> 2.1)
  rusty_json_schema!

BUNDLED WITH
   2.3.9
